GEM
  remote: https://rubygems.org/
  specs:
    flamegraph (0.9.5)
    minitest (5.11.3)

PLATFORMS
  x64-mingw32

DEPENDENCIES
  flamegraph
  minitest

BUNDLED WITH
   1.16.1
